GEM
  remote: https://rubygems.org/
  specs:
    GeoRuby (1.3.4)
    libxml-ruby (2.9.0)
    rubyvor (0.1.4)
      GeoRuby (>= 1.3.0)
      libxml-ruby (>= 0.9.9)

PLATFORMS
  ruby

DEPENDENCIES
  rubyvor (~> 0.1.4)

BUNDLED WITH
   1.13.1
